PATH
  remote: .
  specs:
    in_array (0.1.2)

GEM
  remote: https://rubygems.org/
  specs:
    json (1.8.1)
    minitest (4.7.5)
    rainbow (2.0.0)
    rake (10.3.2)
    rdoc (4.0.1)
      json (~> 1.4)
    reek (1.3.8)
      rainbow (>= 1.99, < 3.0)
      ruby2ruby (>= 2.0.8, < 3.0)
      ruby_parser (~> 3.3)
      sexp_processor
    ruby2ruby (2.1.3)
      ruby_parser (~> 3.1)
      sexp_processor (~> 4.0)
    ruby_parser (3.6.3)
      sexp_processor (~> 4.1)
    sexp_processor (4.4.4)

PLATFORMS
  x86-mingw32

DEPENDENCIES
  bundler (~> 1.3)
  in_array!
  minitest (~> 4.7.5)
  rake
  rdoc (~> 4.0.1)
  reek (~> 1.3.8)
